GIT
  remote: git@code.hedtri.ch:agrarpolitik/questionnaires-engine.git
  revision: fb037a560b98ad7dda24922212c5cc8db2d806c0
  specs:
    questionnaires (0.1.0)
      bootstrap-sass (~> 3.3.5)
      carrierwave
      cocoon (~> 1.2.9)
      coffee-rails (~> 4.2.1)
      daru (~> 0.2.0)
      font-awesome-sass (~> 4.7.0)
      globalize (~> 5.1.0)
      globalize-accessors
      haml (~> 5.0.4)
      haml-rails (~> 1.0.0)
      jquery-rails (~> 4.2.1)
      pg
      rails (>= 5.0.1, < 5.2)
      rails-assets-StickyTableHeaders (~> 0.1.19)
      rails-assets-highcharts (~> 5.0.2)
      rails-controller-testing
      redcarpet (~> 3.4.0)
      roo (~> 2.7.0)
      sass-rails (~> 5.0.6)
      simple_admin_management
      simple_form (~> 3.5.0)
      write_xlsx (~> 0.85.1)

GIT
  remote: git@code.hedtri.ch:open-source/simple-admin-management.git
  revision: acf1da2609655458b4ab6dce674d7bde8c531628
  specs:
    simple_admin_management (0.0.6)
      rails (>= 4.0.0)
      rails-controller-testing
      will_paginate (~> 3.1.5)

GIT
  remote: https://github.com/Compass/compass-rails.git
  revision: 17414438f601d695225ba9c55f259d2ec557942c
  specs:
    compass-rails (3.0.2)
      compass (~> 1.0.0)
      sass-rails (< 5.1)
      sprockets (< 4.0)

GEM
  remote: https://rubygems.org/
  remote: https://rails-assets.org/
  specs:
    actioncable (5.1.5)
      actionpack (= 5.1.5)
      nio4r (~> 2.0)
      websocket-driver (~> 0.6.1)
    actionmailer (5.1.5)
      actionpack (= 5.1.5)
      actionview (= 5.1.5)
      activejob (= 5.1.5)
      mail (~> 2.5, >= 2.5.4)
      rails-dom-testing (~> 2.0)
    actionpack (5.1.5)
      actionview (= 5.1.5)
      activesupport (= 5.1.5)
      rack (~> 2.0)
      rack-test (>= 0.6.3)
      rails-dom-testing (~> 2.0)
      rails-html-sanitizer (~> 1.0, >= 1.0.2)
    actionview (5.1.5)
      activesupport (= 5.1.5)
      builder (~> 3.1)
      erubi (~> 1.4)
      rails-dom-testing (~> 2.0)
      rails-html-sanitizer (~> 1.0, >= 1.0.3)
    activejob (5.1.5)
      activesupport (= 5.1.5)
      globalid (>= 0.3.6)
    activemodel (5.1.5)
      activesupport (= 5.1.5)
    activerecord (5.1.5)
      activemodel (= 5.1.5)
      activesupport (= 5.1.5)
      arel (~> 8.0)
    activesupport (5.1.5)
      concurrent-ruby (~> 1.0, >= 1.0.2)
      i18n (~> 0.7)
      minitest (~> 5.1)
      tzinfo (~> 1.1)
    addressable (2.5.2)
      public_suffix (>= 2.0.2, < 4.0)
    arel (8.0.0)
    autoprefixer-rails (8.0.0)
      execjs
    backports (3.11.4)
    bcrypt (3.1.12-x86-mingw32)
    bindex (0.5.0)
    bootstrap-sass (3.3.7)
      autoprefixer-rails (>= 5.2.1)
      sass (>= 3.3.4)
    builder (3.2.3)
    byebug (10.0.0)
    capybara (2.18.0)
      addressable
      mini_mime (>= 0.1.3)
      nokogiri (>= 1.3.3)
      rack (>= 1.0.0)
      rack-test (>= 0.5.4)
      xpath (>= 2.0, < 4.0)
    carrierwave (1.2.3)
      activemodel (>= 4.0.0)
      activesupport (>= 4.0.0)
      mime-types (>= 1.16)
    chartkick (2.3.2)
    childprocess (0.8.0)
      ffi (~> 1.0, >= 1.0.11)
    chunky_png (1.3.10)
    cocoon (1.2.11)
    coffee-rails (4.2.2)
      coffee-script (>= 2.2.0)
      railties (>= 4.0.0)
    coffee-script (2.4.1)
      coffee-script-source
      execjs
    coffee-script-source (1.8.0)
    compass (1.0.3)
      chunky_png (~> 1.2)
      compass-core (~> 1.0.2)
      compass-import-once (~> 1.0.5)
      rb-fsevent (>= 0.9.3)
      rb-inotify (>= 0.9)
      sass (>= 3.3.13, < 3.5)
    compass-core (1.0.3)
      multi_json (~> 1.0)
      sass (>= 3.3.0, < 3.5)
    compass-import-once (1.0.5)
      sass (>= 3.2, < 3.5)
    concurrent-ruby (1.0.5)
    crass (1.0.4)
    daru (0.2.1)
      backports
      packable (~> 1.3.9)
    erubi (1.7.1)
    erubis (2.7.0)
    execjs (2.7.0)
    faker (1.8.7)
      i18n (>= 0.7)
    faraday (0.14.0)
      multipart-post (>= 1.2, < 3)
    ffi (1.9.21-x86-mingw32)
    font-awesome-sass (4.7.0)
      sass (>= 3.2)
    globalid (0.4.1)
      activesupport (>= 4.2.0)
    globalize (5.1.0)
      activemodel (>= 4.2, < 5.2)
      activerecord (>= 4.2, < 5.2)
      request_store (~> 1.0)
    globalize-accessors (0.2.1)
      globalize (~> 5.0, >= 5.0.0)
    groupdate (4.0.0)
      activesupport (>= 4.2)
    haml (5.0.4)
      temple (>= 0.8.0)
      tilt
    haml-rails (1.0.0)
      actionpack (>= 4.0.1)
      activesupport (>= 4.0.1)
      haml (>= 4.0.6, < 6.0)
      html2haml (>= 1.0.1)
      railties (>= 4.0.1)
    highcharts-rails (6.0.3)
      railties (>= 3.1)
    html2haml (2.2.0)
      erubis (~> 2.7.0)
      haml (>= 4.0, < 6)
      nokogiri (>= 1.6.0)
      ruby_parser (~> 3.5)
    i18n (0.9.5)
      concurrent-ruby (~> 1.0)
    jbuilder (2.7.0)
      activesupport (>= 4.2.0)
      multi_json (>= 1.2)
    jquery-rails (4.2.2)
      rails-dom-testing (>= 1, < 3)
      railties (>= 4.2.0)
      thor (>= 0.14, < 2.0)
    jquery-ui-rails (5.0.5)
      railties (>= 3.2.16)
    loofah (2.2.2)
      crass (~> 1.0.2)
      nokogiri (>= 1.5.9)
    mail (2.7.0)
      mini_mime (>= 0.1.1)
    method_source (0.9.0)
    mime-types (3.2.2)
      mime-types-data (~> 3.2015)
    mime-types-data (3.2018.0812)
    mini_mime (1.0.0)
    mini_portile2 (2.3.0)
    minitest (5.11.3)
    multi_json (1.13.1)
    multipart-post (2.0.0)
    nio4r (2.2.0)
    nokogiri (1.8.4-x86-mingw32)
      mini_portile2 (~> 2.3.0)
    packable (1.3.9)
      backports
    pg (0.21.0-x86-mingw32)
    public_suffix (3.0.2)
    puma (3.11.2)
    rack (2.0.5)
    rack-test (1.1.0)
      rack (>= 1.0, < 3)
    rails (5.1.5)
      actioncable (= 5.1.5)
      actionmailer (= 5.1.5)
      actionpack (= 5.1.5)
      actionview (= 5.1.5)
      activejob (= 5.1.5)
      activemodel (= 5.1.5)
      activerecord (= 5.1.5)
      activesupport (= 5.1.5)
      bundler (>= 1.3.0)
      railties (= 5.1.5)
      sprockets-rails (>= 2.0.0)
    rails-assets-StickyTableHeaders (0.1.24)
      rails-assets-jquery (>= 1.9.0)
    rails-assets-highcharts (5.0.14)
    rails-assets-jquery (3.3.1)
    rails-controller-testing (1.0.2)
      actionpack (~> 5.x, >= 5.0.1)
      actionview (~> 5.x, >= 5.0.1)
      activesupport (~> 5.x)
    rails-dom-testing (2.0.3)
      activesupport (>= 4.2.0)
      nokogiri (>= 1.6)
    rails-html-sanitizer (1.0.4)
      loofah (~> 2.2, >= 2.2.2)
    railties (5.1.5)
      actionpack (= 5.1.5)
      activesupport (= 5.1.5)
      method_source
      rake (>= 0.8.7)
      thor (>= 0.18.1, < 2.0)
    rake (12.3.1)
    rb-fsevent (0.10.2)
    rb-inotify (0.9.10)
      ffi (>= 0.5.0, < 2)
    redcarpet (3.4.0)
    request_store (1.4.1)
      rack (>= 1.4)
    roo (2.7.1)
      nokogiri (~> 1)
      rubyzip (~> 1.1, < 2.0.0)
    ruby_parser (3.11.0)
      sexp_processor (~> 4.9)
    rubyzip (1.2.1)
    sass (3.4.25)
    sass-rails (5.0.7)
      railties (>= 4.0.0, < 6)
      sass (~> 3.1)
      sprockets (>= 2.8, < 4.0)
      sprockets-rails (>= 2.0, < 4.0)
      tilt (>= 1.1, < 3)
    selenium-webdriver (3.9.0)
      childprocess (~> 0.5)
      rubyzip (~> 1.2)
    sexp_processor (4.11.0)
    shoulda (3.5.0)
      shoulda-context (~> 1.0, >= 1.0.1)
      shoulda-matchers (>= 1.4.1, < 3.0)
    shoulda-context (1.2.2)
    shoulda-matchers (2.8.0)
      activesupport (>= 3.0.0)
    simple_form (3.5.1)
      actionpack (> 4, < 5.2)
      activemodel (> 4, < 5.2)
    sprockets (3.7.1)
      concurrent-ruby (~> 1.0)
      rack (> 1, < 3)
    sprockets-rails (3.2.1)
      actionpack (>= 4.0)
      activesupport (>= 4.0)
      sprockets (>= 3.0.0)
    temple (0.8.0)
    thor (0.20.0)
    thread_safe (0.3.6)
    tilt (2.0.8)
    turbolinks (5.1.0)
      turbolinks-source (~> 5.1)
    turbolinks-source (5.1.0)
    tzinfo (1.2.5)
      thread_safe (~> 0.1)
    tzinfo-data (1.2018.3)
      tzinfo (>= 1.0.0)
    uglifier (4.1.6)
      execjs (>= 0.3.0, < 3)
    web-console (3.5.1)
      actionview (>= 5.0)
      activemodel (>= 5.0)
      bindex (>= 0.4.0)
      railties (>= 5.0)
    websocket-driver (0.6.5)
      websocket-extensions (>= 0.1.0)
    websocket-extensions (0.1.3)
    will_paginate (3.1.6)
    write_xlsx (0.85.5)
      rubyzip (>= 1.0.0)
      zip-zip
    xpath (3.0.0)
      nokogiri (~> 1.8)
    zip-zip (0.3)
      rubyzip (>= 1.0.0)

PLATFORMS
  x86-mingw32

DEPENDENCIES
  bcrypt (~> 3.1.11)
  bootstrap-sass (~> 3.3.6)
  byebug
  capybara (~> 2.13)
  chartkick
  coffee-rails (~> 4.2)
  coffee-script-source (= 1.8.0)
  compass-rails!
  faker
  faraday (~> 0.14.0)
  groupdate
  highcharts-rails
  jbuilder (~> 2.5)
  jquery-rails
  jquery-ui-rails (~> 5.0.5)
  pg (~> 0.18)
  puma (~> 3.7)
  questionnaires!
  rails (~> 5.1.4)
  rails-assets-StickyTableHeaders!
  sass-rails (~> 5.0)
  selenium-webdriver
  shoulda
  simple_admin_management!
  turbolinks (~> 5)
  tzinfo-data
  uglifier (>= 1.3.0)
  web-console (>= 3.3.0)

BUNDLED WITH
   1.16.2
